GEM
  remote: https://rubygems.org/
  specs:
    daemons (1.1.9)
    dotenv (0.9.0)
    eventmachine (1.0.3)
    foreman (0.63.0)
      dotenv (>= 0.7)
      thor (>= 0.13.6)
    rack (1.5.2)
    rack-ssl (1.3.3)
      rack
    thin (1.6.1)
      daemons (>= 1.0.9)
      eventmachine (>= 1.0.0)
      rack (>= 1.0.0)
    thor (0.18.1)

PLATFORMS
  ruby

DEPENDENCIES
  foreman
  rack
  rack-ssl
  thin
